GEM
  remote: https://rubygems.org/
  specs:
    activesupport (5.0.2)
      concurrent-ruby (~> 1.0, >= 1.0.2)
      i18n (~> 0.7)
      minitest (~> 5.1)
      tzinfo (~> 1.1)
    archive-tar-minitar (0.5.2)
    arr-pm (0.0.10)
      cabin (> 0)
    axiom-types (0.1.1)
      descendants_tracker (~> 0.0.4)
      ice_nine (~> 0.11.0)
      thread_safe (~> 0.3, >= 0.3.1)
    backports (3.7.0)
    builder (3.2.3)
    cabin (0.9.0)
    childprocess (0.6.3)
      ffi (~> 1.0, >= 1.0.11)
    clamp (1.0.1)
    coercible (1.0.0)
      descendants_tracker (~> 0.0.1)
    concurrent-ruby (1.0.5)
    dalli (2.7.6)
    descendants_tracker (0.0.4)
      thread_safe (~> 0.3, >= 0.3.1)
    dotenv (2.2.0)
    equalizer (0.0.11)
    et-orbi (1.0.3)
      tzinfo
    facter (2.4.6)
    ffi (1.9.18)
    fpm (1.8.1)
      archive-tar-minitar (= 0.5.2)
      arr-pm (~> 0.0.10)
      backports (>= 2.6.2)
      cabin (>= 0.6.0)
      childprocess
      clamp (~> 1.0.0)
      ffi
      json (>= 1.7.7, < 2.0)
      pleaserun (~> 0.0.24)
      ruby-xz
    grape (0.19.2)
      activesupport
      builder
      hashie (>= 2.1.0)
      multi_json (>= 1.3.2)
      multi_xml (>= 0.5.2)
      mustermann-grape (~> 1.0.0)
      rack (>= 1.3.0)
      rack-accept
      virtus (>= 1.0.0)
    haml (4.0.7)
      tilt
    hashie (3.5.5)
    i18n (0.8.1)
    ice_nine (0.11.2)
    insist (1.0.0)
    io-like (0.3.0)
    json (1.8.6)
    kgio (2.11.0)
    minitest (5.10.1)
    mixlib-log (1.7.1)
    mixlib-shellout (1.6.1)
    multi_json (1.12.1)
    multi_xml (0.6.0)
    mustache (0.99.8)
    mustermann (1.0.0)
    mustermann-grape (1.0.0)
      mustermann (~> 1.0.0)
    oj (2.18.5)
    pkgr (1.5.1)
      facter (~> 2.1)
      fpm (~> 1.1)
      mixlib-log (~> 1.6)
      mixlib-shellout (~> 1.4)
      rake (~> 10.0)
      thor (~> 0.19)
    pleaserun (0.0.28)
      cabin (> 0)
      clamp
      dotenv
      insist
      mustache (= 0.99.8)
      stud
    rack (1.6.5)
    rack-accept (0.4.5)
      rack (>= 0.4)
    rack-protection (1.5.3)
      rack
    raindrops (0.18.0)
    rake (10.5.0)
    ruby-xz (0.2.3)
      ffi (~> 1.9)
      io-like (~> 0.3)
    rufus-scheduler (3.4.0)
      et-orbi (~> 1.0)
    sinatra (1.4.8)
      rack (~> 1.5)
      rack-protection (~> 1.4)
      tilt (>= 1.3, < 3)
    stud (0.0.22)
    thor (0.19.4)
    thread_safe (0.3.6)
    tilt (2.0.7)
    trollop (2.1.2)
    tzinfo (1.2.3)
      thread_safe (~> 0.1)
    unicorn (5.3.0)
      kgio (~> 2.6)
      raindrops (~> 0.7)
    virtus (1.0.5)
      axiom-types (~> 0.1)
      coercible (~> 1.0)
      descendants_tracker (~> 0.0, >= 0.0.3)
      equalizer (~> 0.0, >= 0.0.9)

PLATFORMS
  ruby

DEPENDENCIES
  dalli
  grape
  haml
  hashie
  oj
  pkgr
  rack
  rake
  rufus-scheduler
  sinatra
  trollop
  unicorn

RUBY VERSION
   ruby 2.4.1p111

BUNDLED WITH
   1.14.6
